PATH
  remote: /Users/rconnolly/RebuildingRails/rulers
  specs:
    rulers (0.0.2)
      rack

GEM
  remote: https://rubygems.org/
  specs:
    rack (2.2.3)
    webrick (1.7.0)

PLATFORMS
  x86_64-darwin-20

DEPENDENCIES
  rulers!
  webrick (~> 1.3, >= 1.3.1)

BUNDLED WITH
   2.2.24
