PATH
  remote: /Users/rconnolly/RebuildingRails/rulers
  specs:
    rulers (0.0.2)
      rack

GEM
  remote: https://rubygems.org/
  specs:
    ffi (1.15.4)
    listen (1.3.1)
      rb-fsevent (>= 0.9.3)
      rb-inotify (>= 0.9)
      rb-kqueue (>= 0.2)
    rack (2.2.3)
    rb-fsevent (0.11.0)
    rb-inotify (0.10.1)
      ffi (~> 1.0)
    rb-kqueue (0.2.7)
      ffi (>= 0.5.0)
    rerun (0.8.1)
      listen (>= 1.0.3)
    webrick (1.7.0)

PLATFORMS
  x86_64-darwin-20

DEPENDENCIES
  listen (= 1.3.1)
  rerun
  rulers!
  webrick (~> 1.3, >= 1.3.1)

BUNDLED WITH
   2.2.24
