GEM
  remote: https://rubygems.org/
  specs:
    rack (2.2.3)
    rulers (0.0.1)
      rack

PLATFORMS
  x86_64-darwin-20

DEPENDENCIES
  rulers

BUNDLED WITH
   2.2.24
